GEM
  remote: https://rubygems.org/
  specs:
    cloud_events (0.2.0)
    functions_framework (0.6.0)
      cloud_events (~> 0.1)
      puma (~> 4.3)
      rack (~> 2.1)
    nio4r (2.5.7)
    puma (4.3.8)
      nio4r (~> 2.0)
    rack (2.2.3)
    rasel (0.1.0)

PLATFORMS
  ruby

DEPENDENCIES
  functions_framework
  rasel

BUNDLED WITH
   2.1.4
